PATH
  remote: .
  specs:
    nj_hikes (0.1.0)
      colorize
      geocoder
      nokogiri

GEM
  remote: https://rubygems.org/
  specs:
    coderay (1.1.3)
    colorize (0.8.1)
    geocoder (1.6.4)
    method_source (1.0.0)
    mini_portile2 (2.5.0)
    nokogiri (1.11.1)
      mini_portile2 (~> 2.5.0)
      racc (~> 1.4)
    pry (0.13.1)
      coderay (~> 1.1)
      method_source (~> 1.0)
    racc (1.5.2)
    rake (12.3.3)

PLATFORMS
  ruby

DEPENDENCIES
  nj_hikes!
  pry
  rake (~> 12.0)

BUNDLED WITH
   2.1.4
